GEM
  remote: https://rubygems.org/
  specs:
    activesupport (4.1.6)
      i18n (~> 0.6, >= 0.6.9)
      json (~> 1.7, >= 1.7.7)
      minitest (~> 5.1)
      thread_safe (~> 0.1)
      tzinfo (~> 1.1)
    addressable (2.3.6)
    fastimage (1.6.4)
      addressable (~> 2.3, >= 2.3.5)
    googleajax (1.0.1)
      json (>= 1.0.0)
    htmlentities (4.3.2)
    i18n (0.6.11)
    irc-socket (1.0.1)
    json (1.8.1)
    link_thumbnailer (2.3.1)
      activesupport (>= 3.0)
      fastimage (~> 1.6)
      json (~> 1.7, >= 1.7.7)
      net-http-persistent (~> 2.9)
      nokogiri (~> 1.6)
      rake (>= 0.9)
      video_info (~> 2.3)
    mime-types (2.4.3)
    mini_portile (0.6.0)
    minitest (5.4.2)
    multi_json (1.10.1)
    myanimelist (0.0.5)
      activesupport
      rest-client
    net-http-persistent (2.9.4)
    netrc (0.8.0)
    nokogiri (1.6.3.1)
      mini_portile (= 0.6.0)
    rake (10.3.2)
    rest-client (1.7.2)
      mime-types (>= 1.16, < 3.0)
      netrc (~> 0.7)
    thread_safe (0.3.4)
    tzinfo (1.2.2)
      thread_safe (~> 0.1)
    video_info (2.3.1)
      addressable
      htmlentities
      multi_json

PLATFORMS
  ruby

DEPENDENCIES
  googleajax (~> 1.0.1)
  htmlentities (~> 4.3.2)
  irc-socket (~> 1.0.1)
  link_thumbnailer (~> 2.3.1)
  myanimelist (~> 0.0.5)
