GEM
  remote: https://rubygems.org/
  specs:
    activesupport (4.1.6)
      i18n (~> 0.6, >= 0.6.9)
      json (~> 1.7, >= 1.7.7)
      minitest (~> 5.1)
      thread_safe (~> 0.1)
      tzinfo (~> 1.1)
    htmlentities (4.3.2)
    i18n (0.6.11)
    irc-socket (1.0.1)
    json (1.8.1)
    mime-types (2.4.3)
    minitest (5.4.2)
    myanimelist (0.0.5)
      activesupport
      rest-client
    netrc (0.8.0)
    rest-client (1.7.2)
      mime-types (>= 1.16, < 3.0)
      netrc (~> 0.7)
    thread_safe (0.3.4)
    tzinfo (1.2.2)
      thread_safe (~> 0.1)

PLATFORMS
  ruby

DEPENDENCIES
  htmlentities (~> 4.3.2)
  irc-socket (~> 1.0.1)
  myanimelist (~> 0.0.5)
